PATH
  remote: .
  specs:
    bk (0.1.0)
      docopt
      httparty
      json
      tty-markdown
      tty-pager
      tty-spinner

GEM
  remote: https://rubygems.org/
  specs:
    docopt (0.6.1)
    httparty (0.21.0)
      mini_mime (>= 1.0.0)
      multi_xml (>= 0.5.2)
    json (2.6.3)
    kramdown (2.4.0)
      rexml
    mini_mime (1.1.2)
    multi_xml (0.6.0)
    pastel (0.8.0)
      tty-color (~> 0.5)
    rake (13.0.6)
    rexml (3.2.5)
    rouge (4.1.0)
    strings (0.2.1)
      strings-ansi (~> 0.2)
      unicode-display_width (>= 1.5, < 3.0)
      unicode_utils (~> 1.4)
    strings-ansi (0.2.0)
    tty-color (0.6.0)
    tty-cursor (0.7.1)
    tty-markdown (0.7.2)
      kramdown (>= 1.16.2, < 3.0)
      pastel (~> 0.8)
      rouge (>= 3.14, < 5.0)
      strings (~> 0.2.0)
      tty-color (~> 0.5)
      tty-screen (~> 0.8)
    tty-pager (0.14.0)
      strings (~> 0.2.0)
      tty-screen (~> 0.8)
    tty-screen (0.8.1)
    tty-spinner (0.9.3)
      tty-cursor (~> 0.7)
    unicode-display_width (2.4.2)
    unicode_utils (1.4.0)

PLATFORMS
  arm64-darwin-21

DEPENDENCIES
  bk!
  rake (~> 13.0)

BUNDLED WITH
   2.5.0.dev
