PATH
  remote: .
  specs:
    buildkite-cli (0.1.0)
      dry-cli
      graphql-client
      httparty
      json
      tty-box
      tty-markdown
      tty-pager
      tty-spinner
      zeitwerk

GEM
  remote: https://rubygems.org/
  specs:
    activesupport (7.0.4.3)
      concurrent-ruby (~> 1.0, >= 1.0.2)
      i18n (>= 1.6, < 2)
      minitest (>= 5.1)
      tzinfo (~> 2.0)
    binding_of_caller (1.0.0)
      debug_inspector (>= 0.0.1)
    coderay (1.1.3)
    concurrent-ruby (1.2.2)
    debug_inspector (1.1.0)
    dry-cli (0.7.0)
    graphql (2.0.21)
    graphql-client (0.18.0)
      activesupport (>= 3.0)
      graphql
    httparty (0.21.0)
      mini_mime (>= 1.0.0)
      multi_xml (>= 0.5.2)
    i18n (1.13.0)
      concurrent-ruby (~> 1.0)
    interception (0.5)
    json (2.6.3)
    kramdown (2.4.0)
      rexml
    method_source (1.0.0)
    mini_mime (1.1.2)
    minitest (5.18.0)
    multi_xml (0.6.0)
    pastel (0.8.0)
      tty-color (~> 0.5)
    pry (0.14.2)
      coderay (~> 1.1)
      method_source (~> 1.0)
    pry-rescue (1.5.2)
      interception (>= 0.5)
      pry (>= 0.12.0)
    pry-stack_explorer (0.6.1)
      binding_of_caller (~> 1.0)
      pry (~> 0.13)
    rake (13.0.6)
    rexml (3.2.5)
    rouge (4.1.0)
    strings (0.2.1)
      strings-ansi (~> 0.2)
      unicode-display_width (>= 1.5, < 3.0)
      unicode_utils (~> 1.4)
    strings-ansi (0.2.0)
    tty-box (0.7.0)
      pastel (~> 0.8)
      strings (~> 0.2.0)
      tty-cursor (~> 0.7)
    tty-color (0.6.0)
    tty-cursor (0.7.1)
    tty-markdown (0.7.2)
      kramdown (>= 1.16.2, < 3.0)
      pastel (~> 0.8)
      rouge (>= 3.14, < 5.0)
      strings (~> 0.2.0)
      tty-color (~> 0.5)
      tty-screen (~> 0.8)
    tty-pager (0.14.0)
      strings (~> 0.2.0)
      tty-screen (~> 0.8)
    tty-screen (0.8.1)
    tty-spinner (0.9.3)
      tty-cursor (~> 0.7)
    tzinfo (2.0.6)
      concurrent-ruby (~> 1.0)
    unicode-display_width (2.4.2)
    unicode_utils (1.4.0)
    zeitwerk (2.6.8)

PLATFORMS
  arm64-darwin-21
  arm64-darwin-22

DEPENDENCIES
  buildkite-cli!
  pry
  pry-rescue
  pry-stack_explorer
  rake (~> 13.0)

BUNDLED WITH
   2.4.10
